GEM
  remote: http://rubygems.org/
  specs:
    git-deploy (0.5.4)
      net-scp
      net-ssh
      thor
    net-scp (1.0.4)
      net-ssh (>= 1.99.1)
    net-sftp (2.0.5)
      net-ssh (>= 2.0.9)
    net-ssh (2.5.2)
    thor (0.15.4)

PLATFORMS
  ruby

DEPENDENCIES
  git-deploy
  net-scp
  net-sftp
  net-ssh
